PATH
  remote: .
  specs:
    aemet_opendata (0.0.2)

GEM
  remote: https://rubygems.org/
  specs:
    diff-lcs (1.3)
    ethon (0.11.0)
      ffi (>= 1.3.0)
    faraday (0.15.4)
      multipart-post (>= 1.2, < 3)
    faraday-encoding (0.0.5)
      faraday
    ffi (1.9.25)
    json (2.2.0)
    multipart-post (2.0.0)
    rake (12.3.2)
    rspec (3.8.0)
      rspec-core (~> 3.8.0)
      rspec-expectations (~> 3.8.0)
      rspec-mocks (~> 3.8.0)
    rspec-core (3.8.0)
      rspec-support (~> 3.8.0)
    rspec-expectations (3.8.1)
      diff-lcs (>= 1.2.0, < 2.0)
      rspec-support (~> 3.8.0)
    rspec-mocks (3.8.0)
      diff-lcs (>= 1.2.0, < 2.0)
      rspec-support (~> 3.8.0)
    rspec-support (3.8.0)
    typhoeus (1.3.1)
      ethon (>= 0.9.0)
    vcr (4.0.0)

PLATFORMS
  ruby

DEPENDENCIES
  aemet_opendata!
  bundler (~> 2.0)
  faraday (>= 0.15.3)
  faraday-encoding (>= 0.0.5)
  json (>= 1.5.5)
  rake (~> 12.3)
  rspec (~> 3.0)
  typhoeus (>= 1.3.0)
  vcr (>= 4.0.0)

BUNDLED WITH
   1.16.5
